GEM
  remote: http://gemcutter.org/
  specs:
    gemcutter (0.6.1)
    geoutm (0.0.4)
    git (1.2.5)
    jeweler (1.4.0)
      gemcutter (>= 0.1.0)
      git (>= 1.2.5)
      rubyforge (>= 2.0.0)
    json_pure (1.4.6)
    nokogiri (1.4.1)
    rspec (1.3.0)
    rubyforge (2.0.4)
      json_pure (>= 1.1.7)

PLATFORMS
  ruby

DEPENDENCIES
  geoutm (= 0.0.4)
  jeweler
  nokogiri (= 1.4.1)
  rspec (= 1.3.0)
